GEM
  remote: https://rubygems.org/
  specs:
    RubyInline (3.12.4)
      ZenTest (~> 4.3)
    ZenTest (4.11.0)
    activesupport (4.2.3)
      i18n (~> 0.7)
      json (~> 1.7, >= 1.7.7)
      minitest (~> 5.1)
      thread_safe (~> 0.3, >= 0.3.4)
      tzinfo (~> 1.1)
    addressable (2.3.8)
    aws-sdk (1.64.0)
      aws-sdk-v1 (= 1.64.0)
    aws-sdk-v1 (1.64.0)
      json (~> 1.4)
      nokogiri (>= 1.4.4)
    babosa (1.0.2)
    capybara (2.4.4)
      mime-types (>= 1.16)
      nokogiri (>= 1.3.3)
      rack (>= 1.0.0)
      rack-test (>= 0.5.4)
      xpath (~> 2.0)
    claide (0.9.1)
    cliver (0.3.2)
    cocoapods (0.38.0)
      activesupport (>= 3.2.15)
      claide (~> 0.9.1)
      cocoapods-core (= 0.38.0)
      cocoapods-downloader (~> 0.9.1)
      cocoapods-plugins (~> 0.4.2)
      cocoapods-stats (~> 0.5.3)
      cocoapods-trunk (~> 0.6.1)
      cocoapods-try (~> 0.4.5)
      colored (~> 1.2)
      escape (~> 0.0.4)
      molinillo (~> 0.3.0)
      nap (~> 0.8)
      xcodeproj (~> 0.26.2)
    cocoapods-core (0.38.0)
      activesupport (>= 3.2.15)
      fuzzy_match (~> 2.0.4)
      nap (~> 0.8.0)
    cocoapods-downloader (0.9.1)
    cocoapods-keys (1.4.0)
      osx_keychain
    cocoapods-plugins (0.4.2)
      nap
    cocoapods-stats (0.5.3)
      nap (~> 0.8)
    cocoapods-trunk (0.6.1)
      nap (>= 0.8)
      netrc (= 0.7.8)
    cocoapods-try (0.4.5)
    codes (0.2.1)
      fastlane_core (>= 0.7.2)
    colored (1.2)
    commander (4.3.4)
      highline (~> 1.7.2)
    credentials_manager (0.6.0)
      colored
      highline (>= 1.7.1)
      security
    deliver (0.12.1)
      credentials_manager (>= 0.3.0)
      excon
      fastimage (~> 1.6.3)
      fastlane_core (>= 0.7.2)
      nokogiri (~> 1.6.5)
      plist (~> 3.1.0)
      rubyzip (~> 1.1.6)
    dotenv (2.0.2)
    escape (0.0.4)
    excon (0.45.4)
    faraday (0.8.9)
      multipart-post (~> 1.2.0)
    faraday_middleware (0.10.0)
      faraday (>= 0.7.4, < 0.10)
    fastimage (1.6.8)
      addressable (~> 2.3, >= 2.3.5)
    fastlane_core (0.10.1)
      babosa
      capybara (~> 2.4.3)
      colored
      commander (>= 4.3.4)
      credentials_manager (>= 0.6.0)
      excon (~> 0.45.0)
      highline (>= 1.7.2)
      json
      multi_json
      phantomjs (~> 1.9.8)
      poltergeist (~> 1.5.1)
      rubyzip (~> 1.1.6)
    fui (0.3.0)
      gli
    fuzzy_match (2.0.4)
    gli (2.13.0)
    highline (1.7.2)
    i18n (0.7.0)
    json (1.8.3)
    mime-types (2.6.1)
    mini_portile (0.6.2)
    minitest (5.7.0)
    molinillo (0.3.0)
    multi_json (1.11.2)
    multipart-post (1.2.0)
    nap (0.8.0)
    net-sftp (2.1.2)
      net-ssh (>= 2.6.5)
    net-ssh (2.9.2)
    netrc (0.7.8)
    nokogiri (1.6.6.2)
      mini_portile (~> 0.6.0)
    obcd (0.1.0)
      activesupport
      gli
    osx_keychain (1.0.1)
      RubyInline (~> 3)
    phantomjs (1.9.8.0)
    plist (3.1.0)
    poltergeist (1.5.1)
      capybara (~> 2.1)
      cliver (~> 0.3.1)
      multi_json (~> 1.0)
      websocket-driver (>= 0.2.0)
    pygmentize (0.0.3)
    rack (1.6.4)
    rack-test (0.6.3)
      rack (>= 1.0)
    rake (10.4.2)
    rubyzip (1.1.7)
    security (0.1.3)
    shenzhen (0.14.2)
      aws-sdk (~> 1.0)
      commander (~> 4.3)
      dotenv (>= 0.7)
      faraday (~> 0.8.9)
      faraday_middleware (~> 0.9)
      highline (>= 1.7.2)
      json (~> 1.8)
      net-sftp (~> 2.1.2)
      plist (~> 3.1.0)
      rubyzip (~> 1.1)
      security (~> 0.1.3)
      terminal-table (~> 1.4.5)
    terminal-table (1.4.5)
    thread_safe (0.3.5)
    tzinfo (1.2.2)
      thread_safe (~> 0.1)
    websocket-driver (0.6.1)
      websocket-extensions (>= 0.1.0)
    websocket-extensions (0.1.2)
    xcodeproj (0.26.2)
      activesupport (>= 3)
      claide (~> 0.9.1)
      colored (~> 1.2)
    xcpretty (0.1.10)
    xpath (2.0.0)
      nokogiri (~> 1.3)

PLATFORMS
  ruby

DEPENDENCIES
  cocoapods
  cocoapods-keys
  codes
  deliver
  fui
  i18n
  obcd
  pygmentize
  rake
  shenzhen
  xcpretty

BUNDLED WITH
   1.10.5
